GEM
  remote: https://rubygems.org/
  specs:
    exif (2.2.4)

PLATFORMS
  ruby

DEPENDENCIES
  exif

BUNDLED WITH
   2.4.12
